{
  "AcquisitionMatrixPE": 256,
  "AcquisitionNumber": 1,
  "AcquisitionTime": "11:00:37.210000",
  "BaseResolution": 256,
  "CoilCombinationMethod": "Adaptive Combine",
  "CoilString": "C:HEA;HEP",
  "ConversionSoftware": "dcm2niix",
  "ConversionSoftwareVersion": "v1.0.20220720",
  "DeviceSerialNumber": "35453",
  "DwellTime": 9.8e-06,
  "EchoTime": 0.00369,
  "FlipAngle": 7,
  "HeudiconvVersion": "0.13.1",
  "ImageOrientationPatientDICOM": [0.00333364, 0.984808, -0.173616, 0.0189058, -0.173648, -0.984626],
  "ImageOrientationText": "Sag>Tra(-1.1)",
  "ImageType": [
    "ORIGINAL",
    "PRIMARY",
    "M",
    "NORM",
    "DIS3D",
    "DIS2D"
],
  "ImagingFrequency": 123.238,
  "InPlanePhaseEncodingDirectionDICOM": "ROW",
  "InstitutionAddress": "Lentzallee 94,Berlin,District,DE,14195",
  "InstitutionName": "MPI for Human Development",
  "InstitutionalDepartmentName": "Department",
  "InversionTime": 1.1,
  "MRAcquisitionType": "3D",
  "MagneticFieldStrength": 3,
  "Manufacturer": "Siemens",
  "ManufacturersModelName": "TrioTim",
  "MatrixCoilMode": "GRAPPA",
  "Modality": "MR",
  "NonlinearGradientCorrection": true,
  "ParallelReductionFactorInPlane": 2,
  "PartialFourier": 1,
  "PatientPosition": "HFS",
  "PercentPhaseFOV": 100,
  "PercentSampling": 100,
  "PhaseEncodingSteps": 255,
  "PhaseResolution": 1,
  "PixelBandwidth": 199,
  "ProcedureStepDescription": "Reproin_NeuroDyn^Haupt_ORHA",
  "ProtocolName": "anat-T1w_ses-01_acq-MD1mmG",
  "PulseSequenceDetails": "%SiemensSeq%\\tfl",
  "ReceiveCoilName": "32Ch_Head",
  "ReconMatrixPE": 256,
  "RefLinesPE": 32,
  "RepetitionTime": 2.5,
  "SAR": 0.0886859,
  "ScanOptions": "IR\\WE",
  "ScanningSequence": "GR\\IR",
  "SequenceName": "*tfl3d1",
  "SequenceVariant": "SP\\MP",
  "SeriesDescription": "anat-T1w_ses-01_acq-MD1mmG",
  "SeriesNumber": 3,
  "ShimSetting": [-9127, -27127, 4912, -205, 175, -608, 251, 28],
  "SliceThickness": 1,
  "SoftwareVersions": "syngo MR B17",
  "StationName": "MRC35453",
  "TxRefAmp": 383.296}