{
  "AcquisitionMatrixPE": 74,
  "AcquisitionNumber": 1,
  "AcquisitionTime": "16:01:0.065000",
  "BandwidthPerPixelPhaseEncode": 26.497,
  "BaseResolution": 74,
  "CoilString": "C:HEA;HEP",
  "ConversionSoftware": "dcm2niix",
  "ConversionSoftwareVersion": "v1.0.20190410  GCC6.3.0",
  "DerivedVendorReportedEchoSpacing": 0.000510002,
  "DeviceSerialNumber": "35453",
  "DwellTime": 2.6e-06,
  "EchoTime": 0.03,
  "EffectiveEchoSpacing": 0.000510002,
  "FlipAngle": 55,
  "ImageComments": "Unaliased_MB4_PE3_LB",
  "ImageOrientationPatientDICOM": [0.998852, -0.0476166, 0.00521997, 0.0471047, 0.996177, 0.0735685],
  "ImageType": [
    "ORIGINAL",
    "PRIMARY",
    "M",
    "MB",
    "ND",
    "MOSAIC"
],
  "ImagingFrequency": 123.238,
  "InPlanePhaseEncodingDirectionDICOM": "COL",
  "InstitutionAddress": "Lentzallee_94_Berlin_District_DE_14195",
  "InstitutionName": "MPI_for_Human_Development",
  "InstitutionalDepartmentName": "Department",
  "MRAcquisitionType": "2D",
  "MagneticFieldStrength": 3,
  "Manufacturer": "Siemens",
  "ManufacturersModelName": "TrioTim",
  "Modality": "MR",
  "MultibandAccelerationFactor": 4,
  "PartialFourier": 1,
  "PatientPosition": "HFS",
  "PercentPhaseFOV": 100,
  "PhaseEncodingDirection": "j-",
  "PhaseEncodingSteps": 74,
  "PhaseResolution": 1,
  "PixelBandwidth": 2599,
  "ProcedureStepDescription": "Reproin_NeuroDyn_Haupt_ORHA",
  "ProtocolName": "func_ses-02_task-1_acq-MB4_run-05",
  "PulseSequenceDetails": "%CustomerSeq%_cmrr_mbep2d_bold",
  "ReceiveCoilName": "32Ch_Head",
  "ReconMatrixPE": 74,
  "RepetitionTime": 0.75,
  "SAR": 0.139716,
  "ScanOptions": "FS",
  "ScanningSequence": "EP",
  "SequenceName": "epfid2d1_74",
  "SequenceVariant": "SK_SS",
  "SeriesDescription": "func_ses-02_task-1_acq-MB4_run-05",
  "SeriesNumber": 6,
  "ShimSetting": [-9083, -27123, 4950, 270, 88, -108, 324, 67],
  "SliceThickness": 3,
  "SliceTiming": [0, 0.525, 0.3, 0.075, 0.6, 0.375, 0.15, 0.6775, 0.45, 0.225, 0, 0.525, 0.3, 0.075, 0.6, 0.375, 0.15, 0.6775, 0.45, 0.225, 0, 0.525, 0.3, 0.075, 0.6, 0.375, 0.15, 0.6775, 0.45, 0.225, 0, 0.525, 0.3, 0.075, 0.6, 0.375, 0.15, 0.6775, 0.45, 0.225],
  "SoftwareVersions": "syngo_MR_B17",
  "SpacingBetweenSlices": 3,
  "StationName": "MRC35453",
  "TaskName": "1",
  "TotalReadoutTime": 0.0372301,
  "TxRefAmp": 371.609}