{
  "AcquisitionMatrixPE": 256,
  "AcquisitionNumber": 1,
  "AcquisitionTime": "08:58:4.220000",
  "BaseResolution": 256,
  "CoilString": "C:HEA;HEP",
  "ConversionSoftware": "dcm2niix",
  "ConversionSoftwareVersion": "v1.0.20190410  GCC6.3.0",
  "DeviceSerialNumber": "35453",
  "DwellTime": 9.8e-06,
  "EchoTime": 0.00369,
  "FlipAngle": 7,
  "ImageOrientationPatientDICOM": [-0.0737864, 0.996975, -0.024426, -0.0207691, -0.0260236, -0.999446],
  "ImageType": [
    "ORIGINAL",
    "PRIMARY",
    "M",
    "NORM",
    "DIS3D",
    "DIS2D"
],
  "ImagingFrequency": 123.238,
  "InPlanePhaseEncodingDirectionDICOM": "ROW",
  "InstitutionAddress": "Lentzallee_94_Berlin_District_DE_14195",
  "InstitutionName": "MPI_for_Human_Development",
  "InstitutionalDepartmentName": "Department",
  "InversionTime": 1.1,
  "MRAcquisitionType": "3D",
  "MagneticFieldStrength": 3,
  "Manufacturer": "Siemens",
  "ManufacturersModelName": "TrioTim",
  "Modality": "MR",
  "PartialFourier": 1,
  "PatientPosition": "HFS",
  "PercentPhaseFOV": 100,
  "PhaseEncodingSteps": 255,
  "PhaseResolution": 1,
  "PixelBandwidth": 199,
  "ProcedureStepDescription": "Reproin_NeuroDyn_Haupt_ORHA",
  "ProtocolName": "anat-T1w_ses-01_acq-MD1mmG",
  "PulseSequenceDetails": "%SiemensSeq%_tfl",
  "ReceiveCoilName": "32Ch_Head",
  "ReconMatrixPE": 256,
  "RefLinesPE": 32,
  "RepetitionTime": 2.5,
  "SAR": 0.0797716,
  "ScanOptions": "IR_WE",
  "ScanningSequence": "GR_IR",
  "SequenceName": "_tfl3d1",
  "SequenceVariant": "SP_MP",
  "SeriesDescription": "anat-T1w_ses-01_acq-MD1mmG",
  "SeriesNumber": 3,
  "ShimSetting": [-9099, -27170, 4850, 26, -17, -505, -51, 83],
  "SliceThickness": 1,
  "SoftwareVersions": "syngo_MR_B17",
  "StationName": "MRC35453",
  "TxRefAmp": 372.985}