{
  "AcquisitionMatrixPE": 74,
  "AcquisitionNumber": 1,
  "AcquisitionTime": "11:45:40.675000",
  "BandwidthPerPixelPhaseEncode": 26.497,
  "BaseResolution": 74,
  "CoilString": "C:HEA;HEP",
  "ConversionSoftware": "dcm2niix",
  "ConversionSoftwareVersion": "v1.0.20190410  GCC6.3.0",
  "DerivedVendorReportedEchoSpacing": 0.000510002,
  "DeviceSerialNumber": "35453",
  "DwellTime": 2.6e-06,
  "EchoTime": 0.03,
  "EffectiveEchoSpacing": 0.000510002,
  "FlipAngle": 60,
  "ImageComments": "Unaliased_MB4_PE3_LB",
  "ImageOrientationPatientDICOM": [1, 0, 0, 0, 1, 0],
  "ImageType": [
    "ORIGINAL",
    "PRIMARY",
    "M",
    "MB",
    "ND",
    "MOSAIC"
],
  "ImagingFrequency": 123.238,
  "InPlanePhaseEncodingDirectionDICOM": "COL",
  "InstitutionAddress": "Lentzallee_94_Berlin_District_DE_14195",
  "InstitutionName": "MPI_for_Human_Development",
  "InstitutionalDepartmentName": "Department",
  "MRAcquisitionType": "2D",
  "MagneticFieldStrength": 3,
  "Manufacturer": "Siemens",
  "ManufacturersModelName": "TrioTim",
  "Modality": "MR",
  "MultibandAccelerationFactor": 4,
  "PartialFourier": 1,
  "PatientPosition": "HFS",
  "PercentPhaseFOV": 100,
  "PhaseEncodingDirection": "j-",
  "PhaseEncodingSteps": 74,
  "PhaseResolution": 1,
  "PixelBandwidth": 2599,
  "ProcedureStepDescription": "Reproin_NeuroDyn_Haupt_ORHA",
  "ProtocolName": "fmap_ses-02_acq-MB4gre_dir-AP",
  "PulseSequenceDetails": "%CustomerSeq%_cmrr_mbep2d_bold",
  "ReceiveCoilName": "32Ch_Head",
  "ReconMatrixPE": 74,
  "RepetitionTime": 0.645,
  "SAR": 0.234963,
  "ScanOptions": "FS",
  "ScanningSequence": "EP",
  "SequenceName": "epfid2d1_74",
  "SequenceVariant": "SK_SS",
  "SeriesDescription": "fmap_ses-02_acq-MB4gre_dir-AP",
  "SeriesNumber": 14,
  "ShimSetting": [-9079, -27145, 5009, 423, 83, -94, 231, -42],
  "SliceThickness": 3,
  "SliceTiming": [0, 0.4525, 0.2575, 0.065, 0.5175, 0.3225, 0.13, 0.5825, 0.3875, 0.195, 0, 0.4525, 0.2575, 0.065, 0.5175, 0.3225, 0.13, 0.5825, 0.3875, 0.195, 0, 0.4525, 0.2575, 0.065, 0.5175, 0.3225, 0.13, 0.5825, 0.3875, 0.195, 0, 0.4525, 0.2575, 0.065, 0.5175, 0.3225, 0.13, 0.5825, 0.3875, 0.195],
  "SoftwareVersions": "syngo_MR_B17",
  "SpacingBetweenSlices": 3,
  "StationName": "MRC35453",
  "TotalReadoutTime": 0.0372301,
  "TxRefAmp": 394.069}