{
  "AcquisitionMatrixPE": 74,
  "AcquisitionNumber": 1,
  "AcquisitionTime": "14:06:43.965000",
  "BandwidthPerPixelPhaseEncode": 26.497,
  "BaseResolution": 74,
  "CoilCombinationMethod": "Sum of Squares",
  "CoilString": "C:HEA;HEP",
  "ConversionSoftware": "dcm2niix",
  "ConversionSoftwareVersion": "v1.0.20220720",
  "DerivedVendorReportedEchoSpacing": 0.000510002,
  "DeviceSerialNumber": "35453",
  "DwellTime": 2.6e-06,
  "EchoTime": 0.03,
  "EffectiveEchoSpacing": 0.000510002,
  "FlipAngle": 60,
  "HeudiconvVersion": "0.13.1",
  "ImageComments": "Unaliased MB4/PE3/LB",
  "ImageOrientationPatientDICOM": [1, -2e-16, 0, 2e-16, 0.975917, -0.218143],
  "ImageOrientationText": "Tra>Cor(-12.6)",
  "ImageType": [
    "ORIGINAL",
    "PRIMARY",
    "M",
    "MB",
    "ND",
    "MOSAIC"
],
  "ImagingFrequency": 123.238,
  "InPlanePhaseEncodingDirectionDICOM": "COL",
  "InstitutionAddress": "Lentzallee 94,Berlin,District,DE,14195",
  "InstitutionName": "MPI for Human Development",
  "InstitutionalDepartmentName": "Department",
  "IntendedFor": [
    "ses-02/func/sub-0n9ge8_ses-02_task-1_acq-MB4_run-01_bold.nii.gz",
    "ses-02/func/sub-0n9ge8_ses-02_task-1_acq-MB4_run-02_bold.nii.gz",
    "ses-02/func/sub-0n9ge8_ses-02_task-1_acq-MB4_run-03_bold.nii.gz",
    "ses-02/func/sub-0n9ge8_ses-02_task-1_acq-MB4_run-04_bold.nii.gz",
    "ses-02/func/sub-0n9ge8_ses-02_task-1_acq-MB4_run-05_bold.nii.gz",
    "ses-02/func/sub-0n9ge8_ses-02_task-1_acq-MB4_run-06_bold.nii.gz",
    "ses-02/func/sub-0n9ge8_ses-02_task-1_acq-MB4_run-07_bold.nii.gz",
    "ses-02/func/sub-0n9ge8_ses-02_task-1_acq-MB4_run-08_bold.nii.gz",
    "ses-02/func/sub-0n9ge8_ses-02_task-1_acq-MB4_run-09_bold.nii.gz",
    "ses-02/func/sub-0n9ge8_ses-02_task-1_acq-MB4_run-10_bold.nii.gz",
    "ses-02/func/sub-0n9ge8_ses-02_task-loc_acq-MB4_run-01_bold.nii.gz",
    "ses-02/func/sub-0n9ge8_ses-02_task-loc_acq-MB4_run-02_bold.nii.gz"
],
  "MRAcquisitionType": "2D",
  "MagneticFieldStrength": 3,
  "Manufacturer": "Siemens",
  "ManufacturersModelName": "TrioTim",
  "MatrixCoilMode": "SENSE",
  "Modality": "MR",
  "MultibandAccelerationFactor": 4,
  "NonlinearGradientCorrection": false,
  "PartialFourier": 1,
  "PatientPosition": "HFS",
  "PercentPhaseFOV": 100,
  "PercentSampling": 100,
  "PhaseEncodingDirection": "j",
  "PhaseEncodingSteps": 74,
  "PhaseResolution": 1,
  "PixelBandwidth": 2599,
  "ProcedureStepDescription": "Reproin_NeuroDyn^Haupt_ORHA",
  "ProtocolName": "fmap_ses-02_acq-MB4gre_dir-PA",
  "PulseSequenceDetails": "%CustomerSeq%\\cmrr_mbep2d_bold",
  "ReceiveCoilName": "32Ch_Head",
  "ReconMatrixPE": 74,
  "RepetitionTime": 0.645,
  "SAR": 0.22968,
  "ScanOptions": "FS",
  "ScanningSequence": "EP",
  "SequenceName": "epfid2d1_74",
  "SequenceVariant": "SK\\SS",
  "SeriesDescription": "fmap_ses-02_acq-MB4gre_dir-PA",
  "SeriesNumber": 15,
  "ShimSetting": [-9137, -27034, 4983, 164, 145, -270, -29, 174],
  "SliceThickness": 3,
  "SliceTiming": [0, 0.4525, 0.26, 0.065, 0.5175, 0.325, 0.13, 0.5825, 0.3875, 0.195, 0, 0.4525, 0.26, 0.065, 0.5175, 0.325, 0.13, 0.5825, 0.3875, 0.195, 0, 0.4525, 0.26, 0.065, 0.5175, 0.325, 0.13, 0.5825, 0.3875, 0.195, 0, 0.4525, 0.26, 0.065, 0.5175, 0.325, 0.13, 0.5825, 0.3875, 0.195],
  "SoftwareVersions": "syngo MR B17",
  "SpacingBetweenSlices": 3,
  "StationName": "MRC35453",
  "TotalReadoutTime": 0.0372301,
  "TxRefAmp": 390.674}