{
  "AcquisitionMatrixPE": 74,
  "AcquisitionNumber": 1,
  "AcquisitionTime": "14:01:0.450000",
  "BandwidthPerPixelPhaseEncode": 26.497,
  "BaseResolution": 74,
  "CoilCombinationMethod": "Sum of Squares",
  "CoilString": "C:HEA;HEP",
  "ConversionSoftware": "dcm2niix",
  "ConversionSoftwareVersion": "v1.0.20220720",
  "DerivedVendorReportedEchoSpacing": 0.000510002,
  "DeviceSerialNumber": "35453",
  "DwellTime": 2.6e-06,
  "EchoTime": 0.03,
  "EffectiveEchoSpacing": 0.000510002,
  "FlipAngle": 55,
  "HeudiconvVersion": "0.13.1",
  "ImageComments": "Unaliased MB4/PE3/LB",
  "ImageOrientationPatientDICOM": [1, 2e-16, 0, -2e-16, 0.975917, -0.218143],
  "ImageOrientationText": "Tra>Cor(-12.6)",
  "ImageType": [
    "ORIGINAL",
    "PRIMARY",
    "M",
    "MB",
    "ND",
    "MOSAIC"
],
  "ImagingFrequency": 123.238,
  "InPlanePhaseEncodingDirectionDICOM": "COL",
  "InstitutionAddress": "Lentzallee 94,Berlin,District,DE,14195",
  "InstitutionName": "MPI for Human Development",
  "InstitutionalDepartmentName": "Department",
  "MRAcquisitionType": "2D",
  "MagneticFieldStrength": 3,
  "Manufacturer": "Siemens",
  "ManufacturersModelName": "TrioTim",
  "MatrixCoilMode": "SENSE",
  "Modality": "MR",
  "MultibandAccelerationFactor": 4,
  "NonlinearGradientCorrection": false,
  "PartialFourier": 1,
  "PatientPosition": "HFS",
  "PercentPhaseFOV": 100,
  "PercentSampling": 100,
  "PhaseEncodingDirection": "j-",
  "PhaseEncodingSteps": 74,
  "PhaseResolution": 1,
  "PixelBandwidth": 2599,
  "ProcedureStepDescription": "Reproin_NeuroDyn^Haupt_ORHA",
  "ProtocolName": "func_ses-02_task-loc_acq-MB4_run-02",
  "PulseSequenceDetails": "%CustomerSeq%\\cmrr_mbep2d_bold",
  "ReceiveCoilName": "32Ch_Head",
  "ReconMatrixPE": 74,
  "RepetitionTime": 0.75,
  "SAR": 0.179901,
  "ScanOptions": "FS",
  "ScanningSequence": "EP",
  "SequenceName": "epfid2d1_74",
  "SequenceVariant": "SK\\SS",
  "SeriesDescription": "func_ses-02_task-loc_acq-MB4_run-02",
  "SeriesNumber": 13,
  "ShimSetting": [-9137, -27034, 4983, 164, 145, -270, -29, 174],
  "SliceThickness": 3,
  "SliceTiming": [0, 0.5275, 0.3025, 0.075, 0.6025, 0.3775, 0.1525, 0.6775, 0.4525, 0.2275, 0, 0.5275, 0.3025, 0.075, 0.6025, 0.3775, 0.1525, 0.6775, 0.4525, 0.2275, 0, 0.5275, 0.3025, 0.075, 0.6025, 0.3775, 0.1525, 0.6775, 0.4525, 0.2275, 0, 0.5275, 0.3025, 0.075, 0.6025, 0.3775, 0.1525, 0.6775, 0.4525, 0.2275],
  "SoftwareVersions": "syngo MR B17",
  "SpacingBetweenSlices": 3,
  "StationName": "MRC35453",
  "TaskName": "loc",
  "TotalReadoutTime": 0.0372301,
  "TxRefAmp": 390.674}