{
  "AcquisitionMatrixPE": 74,
  "AcquisitionNumber": 1,
  "AcquisitionTime": "11:08:23.362500",
  "BandwidthPerPixelPhaseEncode": 26.497,
  "BaseResolution": 74,
  "CoilCombinationMethod": "Sum of Squares",
  "CoilString": "C:HEA;HEP",
  "ConversionSoftware": "dcm2niix",
  "ConversionSoftwareVersion": "v1.0.20220720",
  "DerivedVendorReportedEchoSpacing": 0.000510002,
  "DeviceSerialNumber": "35453",
  "DwellTime": 2.6e-06,
  "EchoTime": 0.03,
  "EffectiveEchoSpacing": 0.000510002,
  "FlipAngle": 55,
  "HeudiconvVersion": "0.13.1",
  "ImageComments": "Unaliased MB4/PE3/LB",
  "ImageOrientationPatientDICOM": [0.999987, 0.000912604, 0.00507176, -3.77226e-08, 0.984195, -0.177087],
  "ImageOrientationText": "Tra>Cor(-10.2)>Sag(0.3)",
  "ImageType": [
    "ORIGINAL",
    "PRIMARY",
    "M",
    "MB",
    "ND",
    "MOSAIC"
],
  "ImagingFrequency": 123.238,
  "InPlanePhaseEncodingDirectionDICOM": "COL",
  "InstitutionAddress": "Lentzallee 94,Berlin,District,DE,14195",
  "InstitutionName": "MPI for Human Development",
  "InstitutionalDepartmentName": "Department",
  "MRAcquisitionType": "2D",
  "MagneticFieldStrength": 3,
  "Manufacturer": "Siemens",
  "ManufacturersModelName": "TrioTim",
  "MatrixCoilMode": "SENSE",
  "Modality": "MR",
  "MultibandAccelerationFactor": 4,
  "NonlinearGradientCorrection": false,
  "PartialFourier": 1,
  "PatientPosition": "HFS",
  "PercentPhaseFOV": 100,
  "PercentSampling": 100,
  "PhaseEncodingDirection": "j-",
  "PhaseEncodingSteps": 74,
  "PhaseResolution": 1,
  "PixelBandwidth": 2599,
  "ProcedureStepDescription": "Reproin_NeuroDyn^Haupt_ORHA",
  "ProtocolName": "func_ses-01_task-1_acq-MB4_run-01",
  "PulseSequenceDetails": "%CustomerSeq%\\cmrr_mbep2d_bold",
  "ReceiveCoilName": "32Ch_Head",
  "ReconMatrixPE": 74,
  "RepetitionTime": 0.75,
  "SAR": 0.155678,
  "ScanOptions": "FS",
  "ScanningSequence": "EP",
  "SequenceName": "epfid2d1_74",
  "SequenceVariant": "SK\\SS",
  "SeriesDescription": "func_ses-01_task-1_acq-MB4_run-01",
  "SeriesNumber": 4,
  "ShimSetting": [-9108, -27074, 4985, 245, 302, -213, 26, 198],
  "SliceThickness": 3,
  "SliceTiming": [0, 0.525, 0.3, 0.075, 0.6, 0.375, 0.15, 0.6775, 0.45, 0.225, 0, 0.525, 0.3, 0.075, 0.6, 0.375, 0.15, 0.6775, 0.45, 0.225, 0, 0.525, 0.3, 0.075, 0.6, 0.375, 0.15, 0.6775, 0.45, 0.225, 0, 0.525, 0.3, 0.075, 0.6, 0.375, 0.15, 0.6775, 0.45, 0.225],
  "SoftwareVersions": "syngo MR B17",
  "SpacingBetweenSlices": 3,
  "StationName": "MRC35453",
  "TaskName": "1",
  "TotalReadoutTime": 0.0372301,
  "TxRefAmp": 383.296}